GEM
  remote: https://rubygems.org/
  specs:
    backports (3.11.4)
    bcrypt (3.1.12)
    coderay (1.1.2)
    database_cleaner (1.7.0)
    dotenv (2.6.0)
    jwt (2.1.0)
    method_source (0.9.2)
    minitest (5.11.3)
    multi_json (1.13.1)
    mustermann (1.0.3)
    pg (1.1.4)
    pry (0.12.2)
      coderay (~> 1.1.0)
      method_source (~> 0.9.0)
    rack (2.0.6)
    rack-contrib (2.1.0)
      rack (~> 2.0)
    rack-protection (2.0.5)
      rack
    rack-test (1.1.0)
      rack (>= 1.0, < 3)
    rake (12.3.2)
    sequel (5.17.0)
    sinatra (2.0.5)
      mustermann (~> 1.0)
      rack (~> 2.0)
      rack-protection (= 2.0.5)
      tilt (~> 2.0)
    sinatra-contrib (2.0.5)
      backports (>= 2.8.2)
      multi_json
      mustermann (~> 1.0)
      rack-protection (= 2.0.5)
      sinatra (= 2.0.5)
      tilt (>= 1.3, < 3)
    tilt (2.0.9)

PLATFORMS
  ruby

DEPENDENCIES
  bcrypt
  database_cleaner
  dotenv
  jwt
  minitest
  pg
  pry
  rack-contrib
  rack-test
  rake
  sequel
  sinatra
  sinatra-contrib

BUNDLED WITH
   2.0.1
